GEM
  remote: http://rubygems.org/
  specs:
    RedCloth (4.2.8)
    bluecloth (2.2.0)
    daemons (1.1.4)
    eventmachine (0.12.10)
    haml (3.1.3)
    nokogiri (1.5.0)
    rack (1.3.4)
    rack-protection (1.1.4)
      rack
    sinatra (1.3.1)
      rack (~> 1.3, >= 1.3.4)
      rack-protection (~> 1.1, >= 1.1.2)
      tilt (~> 1.3, >= 1.3.3)
    sinatra-flash (0.3.0)
      sinatra (>= 1.0.0)
    thin (1.2.11)
      daemons (>= 1.0.9)
      eventmachine (>= 0.12.6)
      rack (>= 1.0.0)
    tilt (1.3.3)
    trollop (1.16.2)

PLATFORMS
  ruby

DEPENDENCIES
  RedCloth
  bluecloth
  haml
  nokogiri
  sinatra
  sinatra-flash
  thin
  trollop
